GEM
  remote: https://rubygems.org/
  specs:
    addressable (2.3.5)
    atomic (1.1.14)
    atomic (1.1.14-java)
    buftok (0.2.0)
    descendants_tracker (0.0.3)
    equalizer (0.0.9)
    faraday (0.9.0)
      multipart-post (>= 1.2, < 3)
    http (0.5.0)
      http_parser.rb
    http_parser.rb (0.6.0)
    http_parser.rb (0.6.0-java)
    json (1.8.1)
    json (1.8.1-java)
    memoizable (0.4.0)
      thread_safe (~> 0.1.3)
    multipart-post (2.0.0)
    naught (1.0.0)
    oauth (0.4.7)
    simple_oauth (0.2.0)
    thread_safe (0.1.3)
      atomic
    thread_safe (0.1.3-java)
      atomic
    twitter (5.6.0)
      addressable (~> 2.3)
      buftok (~> 0.2.0)
      descendants_tracker (~> 0.0.3)
      equalizer (~> 0.0.9)
      faraday (~> 0.9.0)
      http (~> 0.5.0)
      http_parser.rb (~> 0.6.0)
      json (~> 1.8)
      memoizable (~> 0.4.0)
      naught (~> 1.0)
      simple_oauth (~> 0.2.0)

PLATFORMS
  java
  ruby

DEPENDENCIES
  json
  oauth
  twitter
