GEM
  remote: http://rubygems.org/
  specs:
    faraday (0.8.4)
      multipart-post (~> 1.1)
    json (1.7.5)
    json (1.7.5-java)
    multi_json (1.3.6)
    multipart-post (1.1.5)
    oauth (0.4.7)
    simple_oauth (0.1.9)
    twitter (3.7.0)
      faraday (~> 0.8)
      multi_json (~> 1.3)
      simple_oauth (~> 0.1.6)

PLATFORMS
  java
  ruby

DEPENDENCIES
  json
  oauth
  twitter
