GEM
  remote: http://rubygems.org/
  specs:
    bouncy-castle-java (1.5.0146.1)
    faraday (0.8.4)
      multipart-post (~> 1.1)
    jruby-openssl (0.7.7)
      bouncy-castle-java (>= 1.5.0146.1)
    json (1.7.4-java)
    multi_json (1.3.6)
    multipart-post (1.1.5)
    oauth (0.4.6)
    simple_oauth (0.1.9)
    twitter (3.6.0)
      faraday (~> 0.8)
      multi_json (~> 1.3)
      simple_oauth (~> 0.1.6)

PLATFORMS
  java

DEPENDENCIES
  jruby-openssl
  json
  oauth
  twitter
